GEM
  remote: https://rubygems.org/
  specs:
    actionpack (4.2.5)
      actionview (= 4.2.5)
      activesupport (= 4.2.5)
      rack (~> 1.6)
      rack-test (~> 0.6.2)
      rails-dom-testing (~> 1.0, >= 1.0.5)
      rails-html-sanitizer (~> 1.0, >= 1.0.2)
    actionview (4.2.5)
      activesupport (= 4.2.5)
      builder (~> 3.1)
      erubis (~> 2.7.0)
      rails-dom-testing (~> 1.0, >= 1.0.5)
      rails-html-sanitizer (~> 1.0, >= 1.0.2)
    activemodel (4.2.5)
      activesupport (= 4.2.5)
      builder (~> 3.1)
    activerecord (4.2.5)
      activemodel (= 4.2.5)
      activesupport (= 4.2.5)
      arel (~> 6.0)
    activesupport (4.2.5)
      i18n (~> 0.7)
      json (~> 1.7, >= 1.7.7)
      minitest (~> 5.1)
      thread_safe (~> 0.3, >= 0.3.4)
      tzinfo (~> 1.1)
    arel (6.0.3)
    ast (2.1.0)
    astrolabe (1.3.1)
      parser (~> 2.2)
    builder (3.2.2)
    byebug (8.2.0)
    coderay (1.1.0)
    diff-lcs (1.2.5)
    docile (1.1.5)
    email_validator (1.6.0)
      activemodel
    enumerable-lazy (0.0.1)
    erubis (2.7.0)
    factory_girl (4.5.0)
      activesupport (>= 3.0.0)
    faker (1.5.0)
      i18n (~> 0.5)
    i18n (0.7.0)
    json (1.8.3)
    kaminari (0.16.3)
      actionpack (>= 3.0.0)
      activesupport (>= 3.0.0)
    loofah (2.0.3)
      nokogiri (>= 1.5.9)
    mail (2.5.4)
      mime-types (~> 1.16)
      treetop (~> 1.4.8)
    method_source (0.8.2)
    mime-types (1.25.1)
    mini_portile (0.6.2)
    minitest (5.8.3)
    moneta (0.7.20)
    mustermann19 (0.4.0)
      enumerable-lazy
    nokogiri (1.6.6.4)
      mini_portile (~> 0.6.0)
    padrino (0.13.0)
      padrino-admin (= 0.13.0)
      padrino-cache (= 0.13.0)
      padrino-core (= 0.13.0)
      padrino-gen (= 0.13.0)
      padrino-helpers (= 0.13.0)
      padrino-mailer (= 0.13.0)
      padrino-support (= 0.13.0)
    padrino-admin (0.13.0)
      padrino-core (= 0.13.0)
      padrino-helpers (= 0.13.0)
    padrino-cache (0.13.0)
      moneta (~> 0.7.0)
      padrino-core (= 0.13.0)
      padrino-helpers (= 0.13.0)
    padrino-core (0.13.0)
      activesupport (>= 3.1)
      mustermann19
      padrino-support (= 0.13.0)
      rack-protection (>= 1.5.0)
      sinatra (~> 1.4.6)
      thor (~> 0.18)
    padrino-gen (0.13.0)
      bundler (~> 1.0)
      padrino-core (= 0.13.0)
    padrino-helpers (0.13.0)
      i18n (~> 0.6, >= 0.6.7)
      padrino-support (= 0.13.0)
      tilt (~> 1.4.1)
    padrino-mailer (0.13.0)
      mail (~> 2.5.3)
      padrino-core (= 0.13.0)
    padrino-support (0.13.0)
      activesupport (>= 3.1)
    parser (2.2.3.0)
      ast (>= 1.1, < 3.0)
    polyglot (0.3.5)
    powerpack (0.1.1)
    pry (0.10.3)
      coderay (~> 1.1.0)
      method_source (~> 0.8.1)
      slop (~> 3.4)
    pry-byebug (3.3.0)
      byebug (~> 8.0)
      pry (~> 0.10)
    rack (1.6.4)
    rack-protection (1.5.3)
      rack
    rack-test (0.6.3)
      rack (>= 1.0)
    rails-deprecated_sanitizer (1.0.3)
      activesupport (>= 4.2.0.alpha)
    rails-dom-testing (1.0.7)
      activesupport (>= 4.2.0.beta, < 5.0)
      nokogiri (~> 1.6.0)
      rails-deprecated_sanitizer (>= 1.0.1)
    rails-html-sanitizer (1.0.2)
      loofah (~> 2.0)
    rainbow (2.0.0)
    rake (10.4.2)
    rspec (3.4.0)
      rspec-core (~> 3.4.0)
      rspec-expectations (~> 3.4.0)
      rspec-mocks (~> 3.4.0)
    rspec-core (3.4.1)
      rspec-support (~> 3.4.0)
    rspec-expectations (3.4.0)
      diff-lcs (>= 1.2.0, < 2.0)
      rspec-support (~> 3.4.0)
    rspec-mocks (3.4.0)
      diff-lcs (>= 1.2.0, < 2.0)
      rspec-support (~> 3.4.0)
    rspec-support (3.4.1)
    rubocop (0.35.1)
      astrolabe (~> 1.3)
      parser (>= 2.2.3.0, < 3.0)
      powerpack (~> 0.1)
      rainbow (>= 1.99.1, < 3.0)
      ruby-progressbar (~> 1.7)
      tins (<= 1.6.0)
    ruby-progressbar (1.7.5)
    shoulda-matchers (3.0.1)
      activesupport (>= 4.0.0)
    simplecov (0.10.0)
      docile (~> 1.1.0)
      json (~> 1.8)
      simplecov-html (~> 0.10.0)
    simplecov-html (0.10.0)
    sinatra (1.4.6)
      rack (~> 1.4)
      rack-protection (~> 1.4)
      tilt (>= 1.3, < 3)
    slop (3.6.0)
    sqlite3 (1.3.11)
    thor (0.19.1)
    thread_safe (0.3.5)
    tilt (1.4.1)
    tins (1.6.0)
    treetop (1.4.15)
      polyglot
      polyglot (>= 0.3.1)
    tzinfo (1.2.2)
      thread_safe (~> 0.1)

PLATFORMS
  ruby

DEPENDENCIES
  activerecord (>= 3.1)
  email_validator
  factory_girl
  faker
  kaminari
  padrino (= 0.13.0)
  pry-byebug
  rack-test
  rake
  rspec
  rubocop
  shoulda-matchers (~> 3.0)
  simplecov
  sqlite3

BUNDLED WITH
   1.10.6
